GIT
  remote: git://github.com/jc00ke/rack-no-www.git
  revision: 9bb8b9c27328b2b29acc867b5be41442cf8f62e8
  specs:
    rack-no-www (0.0.1)

GEM
  remote: http://rubygems.org/
  specs:
    configuration (1.2.0)
    haml (3.0.24)
    heroku (2.2.9)
      launchy (>= 0.3.2)
      rest-client (~> 1.6.1)
      term-ansicolor (~> 1.0.5)
    launchy (0.4.0)
      configuration (>= 0.0.5)
      rake (>= 0.8.1)
    mime-types (1.16)
    rack (1.3.0)
    rack-flash (0.1.1)
      rack
    rake (0.9.2)
    rdiscount (1.6.5)
    rest-client (1.6.3)
      mime-types (>= 1.16)
    sinatra (1.1.0)
      rack (~> 1.1)
      tilt (~> 1.1)
    term-ansicolor (1.0.5)
    tilt (1.1)

PLATFORMS
  ruby

DEPENDENCIES
  haml (= 3.0.24)
  heroku
  rack-flash (= 0.1.1)
  rack-no-www!
  rdiscount (= 1.6.5)
  sinatra (= 1.1.0)
  tilt (= 1.1)
